GEM
  remote: https://rubygems.org/
  specs:
    amq-protocol (2.0.1)
    bunny (2.3.1)
      amq-protocol (>= 2.0.1)
    byebug (9.0.5)
    json (1.8.3)

PLATFORMS
  ruby

DEPENDENCIES
  bunny
  byebug
  json

BUNDLED WITH
   1.11.2
